GIT
  remote: git://github.com/owlforestry/alula.git
  revision: a8d7b358fb5aa5e2096883f19c0a0d58a751cddf
  specs:
    alula (0.4.24)
      aws-sdk (~> 1.6)
      builder (~> 3.0)
      coffee-script (~> 2.2)
      dimensions (~> 1.2)
      hashie (~> 1.2)
      htmlcompressor (~> 0.0.3)
      htmlentities (~> 4.3)
      i18n (~> 0.6)
      kramdown (~> 0.13)
      liquid (~> 2.4)
      mimemagic (~> 0.1)
      mini_exiftool (~> 1.3)
      powerbar (~> 1.0)
      rmagick (~> 2.13)
      sass (~> 3.2)
      sprockets (~> 2.4)
      stringex (~> 1.3)
      thin (~> 1.4)
      thor (~> 0.14)
      tilt (~> 1.3)
      uglifier (~> 1.2)
      zencoder (~> 2.4)
    alula-plugins (0.4.24)
      alula (= 0.4.24)
    alula-themes (0.4.24)
      alula (= 0.4.24)
      haml (~> 3.2.0.beta.3)
      sass (~> 3.2)

GEM
  remote: https://rubygems.org/
  specs:
    POpen4 (0.1.4)
      Platform (>= 0.4.0)
      open4
    Platform (0.4.0)
    ansi (1.4.3)
    aws-sdk (1.7.1)
      httparty (~> 0.7)
      json (~> 1.4)
      nokogiri (>= 1.4.4)
      uuidtools (~> 2.1)
    builder (3.1.4)
    coffee-script (2.2.0)
      coffee-script-source
      execjs
    coffee-script-source (1.4.0)
    daemons (1.1.9)
    dimensions (1.2.0)
    eventmachine (1.0.0)
    execjs (1.4.0)
      multi_json (~> 1.0)
    haml (3.2.0.rc.2)
      tilt
    hashie (1.2.0)
    hike (1.2.1)
    htmlcompressor (0.0.3)
      yui-compressor (~> 0.9.6)
    htmlentities (4.3.1)
    httparty (0.9.0)
      multi_json (~> 1.0)
      multi_xml
    i18n (0.6.1)
    json (1.7.5)
    kramdown (0.14.1)
    liquid (2.4.1)
    mimemagic (0.2.0)
    mini_exiftool (1.6.0)
    multi_json (1.5.0)
    multi_xml (0.5.1)
    nokogiri (1.5.5)
    open4 (1.3.0)
    powerbar (1.0.11)
      ansi (~> 1.4.0)
      hashie (>= 1.1.0)
    rack (1.4.1)
    rmagick (2.13.1)
    sass (3.2.3)
    sprockets (2.8.2)
      hike (~> 1.2)
      multi_json (~> 1.0)
      rack (~> 1.0)
      tilt (~> 1.1, != 1.3.0)
    stringex (1.5.1)
    thin (1.5.0)
      daemons (>= 1.0.9)
      eventmachine (>= 0.12.6)
      rack (>= 1.0.0)
    thor (0.16.0)
    tilt (1.3.3)
    uglifier (1.3.0)
      execjs (>= 0.3.0)
      multi_json (~> 1.0, >= 1.0.2)
    uuidtools (2.1.3)
    yui-compressor (0.9.6)
      POpen4 (>= 0.1.4)
    zencoder (2.4.3)
      multi_json

PLATFORMS
  ruby

DEPENDENCIES
  alula!
  alula-plugins!
  alula-themes!
